GEM
  remote: https://rubygems.org/
  specs:
    faraday (0.8.1)
      multipart-post (~> 1.1)
    formatador (0.2.3)
    github_api (0.6.1)
      faraday (~> 0.8.1)
      hashie (~> 1.2.0)
      multi_json (~> 1.3)
      nokogiri (~> 1.5.2)
      oauth2
    hashie (1.2.0)
    httpauth (0.1)
    json (1.7.3)
    jwt (0.1.4)
      json (>= 1.2.4)
    multi_json (1.3.6)
    multipart-post (1.1.5)
    nokogiri (1.5.5)
    oauth2 (0.8.0)
      faraday (~> 0.8)
      httpauth (~> 0.1)
      jwt (~> 0.1.4)
      multi_json (~> 1.0)
      rack (~> 1.2)
    rack (1.4.1)
    ruby-progressbar (0.0.10)

PLATFORMS
  ruby

DEPENDENCIES
  formatador
  github_api
  ruby-progressbar
